GEM
  remote: https://rubygems.org/
  specs:
    backports (3.3.5)
    descendants_tracker (0.0.3)
    jbundler (0.5.4)
      bundler (~> 1.2)
      ruby-maven (>= 3.1.1.0.1, < 3.1.2)
    maven-tools (0.34.2)
      virtus (~> 0.5)
    puma (2.7.1-java)
      rack (>= 1.1, < 2.0)
    rack (1.5.2)
    rack-protection (1.5.1)
      rack
    ruby-maven (3.1.1.0.1)
      maven-tools (~> 0.33)
      ruby-maven-libs (= 3.1.1)
    ruby-maven-libs (3.1.1)
    sinatra (1.4.4)
      rack (~> 1.4)
      rack-protection (~> 1.4)
      tilt (~> 1.3, >= 1.3.4)
    tilt (1.4.1)
    virtus (0.5.5)
      backports (~> 3.3)
      descendants_tracker (~> 0.0.1)

PLATFORMS
  java

DEPENDENCIES
  jbundler
  puma
  sinatra
